GIT
  remote: git://github.com/rweng/jquery-datatables-rails.git
  revision: 35fb97d3ebf98cd322df998ec694a9eeaa451190
  specs:
    jquery-datatables-rails (3.3.0)
      actionpack (>= 3.1)
      jquery-rails
      railties (>= 3.1)
      sass-rails

GIT
  remote: git://github.com/zentrification/leaflet-providers-rails.git
  revision: 7e93bdce3c7ffb4a17af68f8624aa9c627c24e14
  specs:
    leaflet-providers-rails (0.0.2)

GEM
  remote: https://rubygems.org/
  specs:
    RedCloth (4.2.9)
    ZenTest (4.11.0)
    actionmailer (4.1.6)
      actionpack (= 4.1.6)
      actionview (= 4.1.6)
      mail (~> 2.5, >= 2.5.4)
    actionpack (4.1.6)
      actionview (= 4.1.6)
      activesupport (= 4.1.6)
      rack (~> 1.5.2)
      rack-test (~> 0.6.2)
    actionview (4.1.6)
      activesupport (= 4.1.6)
      builder (~> 3.1)
      erubis (~> 2.7.0)
    activemodel (4.1.6)
      activesupport (= 4.1.6)
      builder (~> 3.1)
    activerecord (4.1.6)
      activemodel (= 4.1.6)
      activesupport (= 4.1.6)
      arel (~> 5.0.0)
    activerecord-postgis-adapter (1.1.0)
      activerecord (~> 4.0)
      rgeo-activerecord (~> 1.0.0)
    activerecord-redshift-adapter (0.9.12)
      activerecord (>= 3.0.0)
      activesupport (>= 3.0.0)
      arel (>= 3.0.0)
      pg
    activerecord-session_store (0.1.1)
      actionpack (>= 4.0.0, < 5)
      activerecord (>= 4.0.0, < 5)
      railties (>= 4.0.0, < 5)
    activeresource (4.0.0)
      activemodel (~> 4.0)
      activesupport (~> 4.0)
      rails-observers (~> 0.1.1)
    activesupport (4.1.6)
      i18n (~> 0.6, >= 0.6.9)
      json (~> 1.7, >= 1.7.7)
      minitest (~> 5.1)
      thread_safe (~> 0.1)
      tzinfo (~> 1.1)
    addressable (2.3.8)
    ajax-datatables-rails (0.3.0)
      railties (>= 3.1)
    arel (5.0.1.20140414130214)
    autoprefixer-rails (5.1.11)
      execjs
      json
    autotest-rails (4.2.1)
      ZenTest (~> 4.5)
    awesome_print (1.6.1)
    bcrypt (3.1.12)
    benchmark-ips (2.1.1)
    better_errors (2.1.1)
      coderay (>= 1.0.0)
      erubis (>= 2.6.6)
      rack (>= 0.9.0)
    binding_of_caller (0.7.2)
      debug_inspector (>= 0.0.1)
    bootstrap-multiselect-rails (0.9.9)
      rails (>= 4.0.0)
    bootstrap-sass (3.3.4.1)
      autoprefixer-rails (>= 5.0.0.1)
      sass (>= 3.2.19)
    bootstrap-slider-rails (5.2.6)
      railties (>= 3.2, < 5.0)
    bootstrap3-datetimepicker-rails (4.0.0)
      momentjs-rails (>= 2.8.1)
    breadcrumbs_on_rails (2.3.0)
    builder (3.2.4)
    bulk_data_methods (1.1.2)
      activerecord (>= 3.0.0)
      pg
    byebug (5.0.0)
      columnize (= 0.9.0)
    cancan (1.6.10)
    capybara (2.4.4)
      mime-types (>= 1.16)
      nokogiri (>= 1.3.3)
      rack (>= 1.0.0)
      rack-test (>= 0.5.4)
      xpath (~> 2.0)
    celluloid (0.16.0)
      timers (~> 4.0.0)
    childprocess (0.5.6)
      ffi (~> 1.0, >= 1.0.11)
    choice (0.1.7)
    coderay (1.1.0)
    coffee-rails (4.1.0)
      coffee-script (>= 2.2.0)
      railties (>= 4.0.0, < 5.0)
    coffee-script (2.4.1)
      coffee-script-source
      execjs
    coffee-script-source (1.9.1.1)
    columnize (0.9.0)
    concurrent-ruby (1.1.9)
    cucumber (1.3.19)
      builder (>= 2.1.2)
      diff-lcs (>= 1.1.3)
      gherkin (~> 2.12)
      multi_json (>= 1.7.5, < 2.0)
      multi_test (>= 0.1.2)
    cucumber-rails (1.4.2)
      capybara (>= 1.1.2, < 3)
      cucumber (>= 1.3.8, < 2)
      mime-types (>= 1.16, < 3)
      nokogiri (~> 1.5)
      rails (>= 3, < 5)
    daemons (1.2.2)
    database_cleaner (1.4.1)
    dbf (2.0.10)
      fastercsv (~> 1.5)
    debug_inspector (0.0.2)
    delayed_job (4.0.6)
      activesupport (>= 3.0, < 5.0)
    delayed_job_active_record (4.0.3)
      activerecord (>= 3.0, < 5.0)
      delayed_job (>= 3.0, < 4.1)
    derailed_benchmarks (0.0.0)
      benchmark-ips (~> 2)
      get_process_mem (~> 0)
      memory_profiler (~> 0)
    devise (3.4.1)
      bcrypt (~> 3.0)
      orm_adapter (~> 0.1)
      railties (>= 3.2.6, < 5)
      responders
      thread_safe (~> 0.1)
      warden (~> 1.2.3)
    diff-lcs (1.2.5)
    docile (1.1.5)
    email_spec (1.6.0)
      launchy (~> 2.1)
      mail (~> 2.2)
    erubis (2.7.0)
    eventmachine (1.0.7)
    execjs (2.5.2)
    factory_girl (4.5.0)
      activesupport (>= 3.0.0)
    factory_girl_rails (4.5.0)
      factory_girl (~> 4.5.0)
      railties (>= 3.0.0)
    fastercsv (1.5.5)
    ffi (1.9.8)
    figaro (1.1.1)
      thor (~> 0.14)
    filepicker-rails (2.0.0)
      rails (>= 3.2)
    font-awesome-rails (4.3.0.0)
      railties (>= 3.2, < 5.0)
    formatador (0.2.5)
    get_process_mem (0.2.0)
    gherkin (2.12.2)
      multi_json (~> 1.3)
    gon (5.2.3)
      actionpack (>= 2.3.0)
      json
      multi_json
      request_store (>= 1.0.5)
    google_visualr (2.4.0)
    guard (2.12.5)
      formatador (>= 0.2.4)
      listen (~> 2.7)
      lumberjack (~> 1.0)
      nenv (~> 0.1)
      notiffany (~> 0.0)
      pry (>= 0.9.12)
      shellany (~> 0.0)
      thor (>= 0.18.1)
    guard-bundler (2.1.0)
      bundler (~> 1.0)
      guard (~> 2.2)
      guard-compat (~> 1.1)
    guard-compat (1.2.1)
    guard-cucumber (1.5.4)
      cucumber (>= 1.3.0)
      guard-compat (~> 1.0)
      nenv (~> 0.1)
    guard-rails (0.7.1)
      guard (~> 2.11)
      guard-compat (~> 1.0)
    guard-rspec (4.5.0)
      guard (~> 2.1)
      guard-compat (~> 1.1)
      rspec (>= 2.99.0, < 4.0)
    hitimes (1.2.2)
    i18n (0.9.5)
      concurrent-ruby (~> 1.0)
    jquery-rails (3.1.5)
      railties (>= 3.0, < 5.0)
      thor (>= 0.14, < 2.0)
    jquery-ui-rails (5.0.5)
      railties (>= 3.2.16)
    jquery-validation-rails (1.13.1)
      railties (>= 3.2, < 5.0)
      thor (~> 0.14)
    json (1.8.6)
    launchy (2.4.3)
      addressable (~> 2.3)
    leaflet-draw-rails (0.1.0)
    leaflet-rails (0.7.4)
    listen (2.10.0)
      celluloid (~> 0.16.0)
      rb-fsevent (>= 0.9.3)
      rb-inotify (>= 0.9)
    lumberjack (1.0.9)
    mail (2.6.3)
      mime-types (>= 1.16, < 3)
    mdb (0.3.1)
    memory_profiler (0.9.0)
    method_source (0.8.2)
    mime-types (2.5)
    mini_portile (0.6.2)
    minitest (5.14.4)
    momentjs-rails (2.20.1)
      railties (>= 3.1)
    multi_json (1.11.0)
    multi_test (0.1.2)
    nenv (0.2.0)
    newrelic_rpm (3.11.2.286)
    nokogiri (1.6.6.2)
      mini_portile (~> 0.6.0)
    notiffany (0.0.6)
      nenv (~> 0.1)
      shellany (~> 0.0)
    orm_adapter (0.5.0)
    partitioned (1.3.4)
      activerecord-redshift-adapter
      bulk_data_methods
      pg
    pg (0.18.1)
    pivot_table (0.4.0)
    progress_job (0.0.4)
      delayed_job
    protected_attributes (1.0.9)
      activemodel (>= 4.0.1, < 5.0)
    pry (0.10.1)
      coderay (~> 1.1.0)
      method_source (~> 0.8.1)
      slop (~> 3.4)
    pry-nav (0.2.4)
      pry (>= 0.9.10, < 0.11.0)
    pry-rails (0.3.4)
      pry (>= 0.9.10)
    pry-stack_explorer (0.4.9.2)
      binding_of_caller (>= 0.7)
      pry (>= 0.9.11)
    puma (2.11.2)
      rack (>= 1.1, < 2.0)
    quiet_assets (1.1.0)
      railties (>= 3.1, < 5.0)
    rack (1.5.5)
    rack-test (0.6.3)
      rack (>= 1.0)
    rails (4.1.6)
      actionmailer (= 4.1.6)
      actionpack (= 4.1.6)
      actionview (= 4.1.6)
      activemodel (= 4.1.6)
      activerecord (= 4.1.6)
      activesupport (= 4.1.6)
      bundler (>= 1.3.0, < 2.0)
      railties (= 4.1.6)
      sprockets-rails (~> 2.0)
    rails-erd (1.3.1)
      activerecord (>= 3.2)
      activesupport (>= 3.2)
      choice (~> 0.1.6)
      ruby-graphviz (~> 1.0.4)
    rails-observers (0.1.2)
      activemodel (~> 4.0)
    rails-static-router (1.0.4)
      railties (>= 4.1, < 6.2)
    rails_12factor (0.0.3)
      rails_serve_static_assets
      rails_stdout_logging
    rails_autolink (1.1.6)
      rails (> 3.1)
    rails_serve_static_assets (0.0.4)
    rails_stdout_logging (0.0.3)
    railties (4.1.6)
      actionpack (= 4.1.6)
      activesupport (= 4.1.6)
      rake (>= 0.8.7)
      thor (>= 0.18.1, < 2.0)
    rake (13.0.6)
    rb-fsevent (0.9.4)
    rb-inotify (0.9.5)
      ffi (>= 0.5.0)
    request_store (1.1.0)
    responders (1.1.2)
      railties (>= 3.2, < 4.2)
    rgeo (0.3.20)
    rgeo-activerecord (1.0.0)
      activerecord (~> 4.0)
      rgeo (~> 0.3.20)
    rgeo-geojson (0.3.1)
      rgeo (~> 0.3)
    rgeo-shapefile (0.2.3)
      dbf (>= 1.7.0)
      rgeo (>= 0.3.3)
    rolify (4.0.0)
    roo (2.2.0)
      nokogiri (~> 1)
      rubyzip (~> 1.1, < 2.0.0)
    rspec (3.2.0)
      rspec-core (~> 3.2.0)
      rspec-expectations (~> 3.2.0)
      rspec-mocks (~> 3.2.0)
    rspec-core (3.2.3)
      rspec-support (~> 3.2.0)
    rspec-expectations (3.2.1)
      diff-lcs (>= 1.2.0, < 2.0)
      rspec-support (~> 3.2.0)
    rspec-mocks (3.2.1)
      diff-lcs (>= 1.2.0, < 2.0)
      rspec-support (~> 3.2.0)
    rspec-rails (3.2.1)
      actionpack (>= 3.0, < 4.3)
      activesupport (>= 3.0, < 4.3)
      railties (>= 3.0, < 4.3)
      rspec-core (~> 3.2.0)
      rspec-expectations (~> 3.2.0)
      rspec-mocks (~> 3.2.0)
      rspec-support (~> 3.2.0)
    rspec-support (3.2.2)
    ruby-graphviz (1.0.9)
    rubyzip (1.1.7)
    sass (3.4.13)
    sass-rails (5.0.3)
      railties (>= 4.0.0, < 5.0)
      sass (~> 3.1)
      sprockets (>= 2.8, < 4.0)
      sprockets-rails (>= 2.0, < 4.0)
      tilt (~> 1.1)
    selectize-rails (0.12.1)
    selenium-webdriver (2.45.0)
      childprocess (~> 0.5)
      multi_json (~> 1.0)
      rubyzip (~> 1.0)
      websocket (~> 1.0)
    shellany (0.0.1)
    simple_form (3.1.0)
      actionpack (~> 4.0)
      activemodel (~> 4.0)
    simplecov (0.10.0)
      docile (~> 1.1.0)
      json (~> 1.8)
      simplecov-html (~> 0.10.0)
    simplecov-html (0.10.0)
    slim (2.1.0)
      temple (~> 0.6.9)
      tilt (>= 1.3.3, < 2.1)
    slim-rails (2.1.5)
      actionpack (>= 3.0, < 4.2)
      activesupport (>= 3.0, < 4.2)
      railties (>= 3.0, < 4.2)
      slim (~> 2.0)
    slop (3.6.0)
    sprockets (3.0.3)
      rack (~> 1.0)
    sprockets-rails (2.2.4)
      actionpack (>= 3.0)
      activesupport (>= 3.0)
      sprockets (>= 2.8, < 4.0)
    sqlite3 (1.3.10)
    temping (3.2.0)
      activerecord (>= 3.1)
      activesupport (>= 3.1)
      sqlite3 (~> 1.3.7)
    temple (0.6.10)
    thin (1.6.3)
      daemons (~> 1.0, >= 1.0.9)
      eventmachine (~> 1.0)
      rack (~> 1.0)
    thor (0.20.3)
    thread_safe (0.3.6)
    tilt (1.4.1)
    timers (4.0.1)
      hitimes
    tzinfo (1.2.9)
      thread_safe (~> 0.1)
    uglifier (2.7.1)
      execjs (>= 0.3.0)
      json (>= 1.8.0)
    warden (1.2.3)
      rack (>= 1.0)
    websocket (1.2.2)
    xpath (2.0.0)
      nokogiri (~> 1.3)

PLATFORMS
  ruby

DEPENDENCIES
  RedCloth
  ZenTest
  activerecord-postgis-adapter (= 1.1.0)
  activerecord-session_store
  activeresource (~> 4.0.0)
  ajax-datatables-rails
  autotest-rails
  awesome_print
  better_errors
  binding_of_caller
  bootstrap-multiselect-rails
  bootstrap-sass
  bootstrap-slider-rails (~> 5.2.6)
  bootstrap3-datetimepicker-rails (~> 4.0.0)
  breadcrumbs_on_rails
  byebug
  cancan
  capybara
  coffee-rails
  cucumber-rails
  daemons
  database_cleaner
  delayed_job_active_record
  derailed_benchmarks
  devise
  email_spec
  factory_girl_rails
  figaro
  filepicker-rails
  font-awesome-rails
  gon
  google_visualr
  guard
  guard-bundler
  guard-cucumber
  guard-rails
  guard-rspec
  jquery-datatables-rails!
  jquery-rails
  jquery-ui-rails
  jquery-validation-rails
  launchy
  leaflet-draw-rails
  leaflet-providers-rails!
  leaflet-rails
  mdb
  momentjs-rails (>= 2.8.1)
  newrelic_rpm
  partitioned (~> 1.3.4)
  pg
  pivot_table
  progress_job
  protected_attributes
  pry-nav
  pry-rails
  pry-stack_explorer
  puma
  quiet_assets
  rails (= 4.1.6)
  rails-erd
  rails-static-router
  rails_12factor
  rails_autolink
  rgeo
  rgeo-geojson
  rgeo-shapefile
  rolify
  roo
  rspec-rails
  rubyzip
  sass-rails
  selectize-rails
  selenium-webdriver
  simple_form
  simplecov
  slim-rails (< 3.0)
  temping
  thin
  uglifier (>= 1.0.3)

RUBY VERSION
   ruby 2.2.0p0

BUNDLED WITH
   1.17.3
